GEM
  remote: https://rubygems.org/
  specs:
    rmagick (4.2.3)

PLATFORMS
  x86_64-linux

DEPENDENCIES
  rmagick

BUNDLED WITH
   2.2.17
